{
	"Modality": "MR",
	"MagneticFieldStrength": 3,
	"ImagingFrequency": 123.252,
	"Manufacturer": "Siemens",
	"ManufacturersModelName": "TrioTim",
	"InstitutionName": "East_China_Normal_University",
	"InstitutionalDepartmentName": "Department",
	"InstitutionAddress": "ZHONG_SHAN_BEI_3663_SHANGHAI_5d389c_District_CN_200062",
	"DeviceSerialNumber": "35302",
	"StationName": "MRC35302",
	"PatientPosition": "HFS",
	"ProcedureStepDescription": "XUGuojun_kuai",
	"SoftwareVersions": "syngo_MR_B17",
	"MRAcquisitionType": "3D",
	"SeriesDescription": "t1_mpr_sag_iso_mww",
	"ProtocolName": "t1_mpr_sag_iso_mww",
	"ScanningSequence": "GR_IR",
	"SequenceVariant": "SP_MP",
	"ScanOptions": "IR",
	"SequenceName": "tfl3d1_ns",
	"ImageType": ["ORIGINAL", "PRIMARY", "M", "ND", "NORM"],
	"SeriesNumber": 2,
	"AcquisitionTime": "20:31:28.917500",
	"AcquisitionNumber": 1,
	"SliceThickness": 1,
	"SAR": 0.0670387,
	"EchoTime": 0.00234,
	"RepetitionTime": 2.53,
	"InversionTime": 1.1,
	"FlipAngle": 7,
	"PartialFourier": 1,
	"BaseResolution": 256,
	"ShimSetting": [
		5896,
		-5442,
		1687,
		162,
		-213,
		-6,
		-62,
		146	],
	"TxRefAmp": 331.649,
	"PhaseResolution": 1,
	"ReceiveCoilName": "HeadMatrix",
	"CoilString": "T:HEA;HEP",
	"PulseSequenceDetails": "%SiemensSeq%_tfl",
	"PercentPhaseFOV": 100,
	"PhaseEncodingSteps": 255,
	"AcquisitionMatrixPE": 256,
	"ReconMatrixPE": 256,
	"PixelBandwidth": 190,
	"DwellTime": 1.03e-05,
	"ImageOrientationPatientDICOM": [
		0.0278943,
		0.999611,
		3.23403e-10,
		0.00341297,
		-9.52391e-05,
		-0.999994	],
	"InPlanePhaseEncodingDirectionDICOM": "ROW",
	"ConversionSoftware": "dcm2niix",
	"ConversionSoftwareVersion": "v1.0.20181108  GCC5.4.0"
}
