{
  "Modality": "MR",
  "MagneticFieldStrength": 3,
  "ImagingFrequency": 123.252,
  "Manufacturer": "Siemens",
  "ManufacturersModelName": "TrioTim",
  "InstitutionName": "East_China_Normal_University",
  "InstitutionalDepartmentName": "Department",
  "InstitutionAddress": "ZHONG_SHAN_BEI_3663_SHANGHAI_5d389c_District_CN_200062",
  "DeviceSerialNumber": "35302",
  "StationName": "MRC35302",
  "PatientPosition": "HFS",
  "ProcedureStepDescription": "XUGuojun_kuai",
  "SoftwareVersions": "syngo_MR_B17",
  "MRAcquisitionType": "2D",
  "SeriesDescription": "ep2d_run2",
  "ProtocolName": "ep2d_run2",
  "ScanningSequence": "EP",
  "SequenceVariant": "SK",
  "ScanOptions": "FS",
  "SequenceName": "epfid2d1_64",
  "ImageType": [
    "ORIGINAL",
    "PRIMARY",
    "M",
    "ND",
    "MOSAIC"
  ],
  "SeriesNumber": 7,
  "AcquisitionTime": "21:14:48.062500",
  "AcquisitionNumber": 1,
  "SliceThickness": 3,
  "SpacingBetweenSlices": 3,
  "SAR": 0.12262,
  "EchoTime": 0.03,
  "RepetitionTime": "2.407500",
  "FlipAngle": 81,
  "PartialFourier": 1,
  "BaseResolution": 64,
  "ShimSetting": [
    5857,
    -5387,
    2079,
    655,
    -164,
    131,
    -37,
    34
  ],
  "TxRefAmp": 331.649,
  "PhaseResolution": 1,
  "ReceiveCoilName": "HeadMatrix",
  "CoilString": "t:HEA;HEP",
  "PulseSequenceDetails": "%SiemensSeq%_ep2d_bold",
  "PercentPhaseFOV": 100,
  "PhaseEncodingSteps": 64,
  "AcquisitionMatrixPE": 64,
  "ReconMatrixPE": 64,
  "BandwidthPerPixelPhaseEncode": 32.552,
  "EffectiveEchoSpacing": 0.000480001,
  "DerivedVendorReportedEchoSpacing": 0.000480001,
  "TotalReadoutTime": 0.0302401,
  "PixelBandwidth": 2694,
  "DwellTime": 2.9e-06,
  "PhaseEncodingDirection": "j-",
  "SliceTiming": [
    1.205,
    0,
    1.265,
    0.06,
    1.325,
    0.12,
    1.385,
    0.18,
    1.445,
    0.24,
    1.505,
    0.3,
    1.565,
    0.36,
    1.625,
    0.42,
    1.685,
    0.48,
    1.745,
    0.5425,
    1.8075,
    0.6025,
    1.8675,
    0.6625,
    1.9275,
    0.7225,
    1.9875,
    0.7825,
    2.0475,
    0.8425,
    2.1075,
    0.9025,
    2.1675,
    0.9625,
    2.2275,
    1.0225,
    2.2875,
    1.0825,
    2.3475,
    1.145
  ],
  "TaskName": "music",
  "ImageOrientationPatientDICOM": [
    0.999918,
    0.00505592,
    0.0117952,
    -2.70339e-09,
    0.919121,
    -0.393974
  ],
  "InPlanePhaseEncodingDirectionDICOM": "COL",
  "ConversionSoftware": "dcm2niix",
  "ConversionSoftwareVersion": "v1.0.20181108  GCC5.4.0"
}
